STORAGE: NONE
RESTRICTION: == net6.0
NUGET
  remote: https://api.nuget.org/v3/index.json
    Expecto (9.0.4)
      FSharp.Core (>= 4.6)
      Mono.Cecil (>= 0.11.3)
    Fable.Core (3.6.1)
    Fable.Promise (3.1.3)
      Fable.Core (>= 3.1.5)
      FSharp.Core (>= 4.7.2)
    FSharp.Core (6.0.1)
    Microsoft.CodeCoverage (17.0)
    Microsoft.NET.Test.Sdk (17.0)
      Microsoft.CodeCoverage (>= 17.0)
      Microsoft.TestPlatform.TestHost (>= 17.0)
    Microsoft.TestPlatform.ObjectModel (17.0)
      NuGet.Frameworks (>= 5.0)
      System.Reflection.Metadata (>= 1.6)
    Microsoft.TestPlatform.TestHost (17.0)
      Microsoft.TestPlatform.ObjectModel (>= 17.0)
      Newtonsoft.Json (>= 9.0.1)
    Mono.Cecil (0.11.4)
    Newtonsoft.Json (13.0.1)
    NuGet.Frameworks (6.0)
    System.Collections.Immutable (6.0)
      System.Runtime.CompilerServices.Unsafe (>= 6.0)
    System.Reflection.Metadata (6.0)
      System.Collections.Immutable (>= 6.0)
    System.Runtime.CompilerServices.Unsafe (6.0)
    Thoth.Json (6.0)
      Fable.Core (>= 3.1.6)
      FSharp.Core (>= 4.7.2)
    YoloDev.Expecto.TestSdk (0.12.13)
      Expecto (>= 9.0 < 10.0)
      FSharp.Core (>= 4.6)
      System.Collections.Immutable (>= 1.5)
