STORAGE: NONE
RESTRICTION: == net6.0
NUGET
  remote: https://api.nuget.org/v3/index.json
    Expecto (9.0.4)
      FSharp.Core (>= 4.6)
      Mono.Cecil (>= 0.11.3)
    Fable.Core (3.6.1)
    Fable.Promise (3.1.3)
      Fable.Core (>= 3.1.5)
      FSharp.Core (>= 4.7.2)
    FSharp.Core (6.0.1)
    Mono.Cecil (0.11.4)
    Thoth.Json (6.0)
      Fable.Core (>= 3.1.6)
      FSharp.Core (>= 4.7.2)
